GEM
  remote: http://rubygems.org/
  specs:
    ankusa (0.0.8)
      fast-stemmer (>= 1.0.0)
    classifier (1.3.3)
      fast-stemmer (>= 1.0.0)
    fast-stemmer (1.0.0)
    git (1.2.5)
    hoatzin (0.1.0)
      fast-stemmer
      libsvm-ruby-swig
    jeweler (1.5.2)
      bundler (~> 1.0.0)
      git (>= 1.2.5)
      rake
    libarchive (0.1.2)
    libsvm-ruby-swig (0.4.0)
    rake (0.8.7)
    rcov (0.9.9)
    shoulda (2.11.3)

PLATFORMS
  ruby

DEPENDENCIES
  ankusa
  bundler (~> 1.0.0)
  classifier
  hoatzin (= 0.1.0)
  jeweler (~> 1.5.2)
  libarchive
  rcov
  shoulda
